GEM
  remote: https://rubygems.org/
  specs:
    gosu (0.10.8)
    gosu_tiled (0.1.1)
      gosu
      json
    json (2.0.2)

PLATFORMS
  ruby

DEPENDENCIES
  gosu
  gosu_tiled

BUNDLED WITH
   1.13.4
